GEM
  remote: https://rubygems.org/
  specs:
    chunky_png (1.3.5)
    httpclient (2.8.0)

PLATFORMS
  ruby

DEPENDENCIES
  chunky_png (~> 1.3)
  httpclient (~> 2.8)

RUBY VERSION
   ruby 2.4.0p0

BUNDLED WITH
   1.14.4
