GEM
  remote: https://rubygems.org/
  specs:
    chunky_png (1.3.12)
    httpclient (2.8.3)

PLATFORMS
  ruby

DEPENDENCIES
  chunky_png (~> 1.3)
  httpclient (~> 2.8)

RUBY VERSION
   ruby 2.6.5p114

BUNDLED WITH
   2.1.4
