GEM
  remote: https://rubygems.org/
  specs:
    chunky_png (1.3.5)
    httpclient (2.7.1)

PLATFORMS
  ruby

DEPENDENCIES
  chunky_png (= 1.3.5)
  httpclient (= 2.7.1)

BUNDLED WITH
   1.11.2
